PATH
  remote: .
  specs:
    testbot (0.3.9.pre)
      acts_as_rails3_generator
      httparty (>= 0.6.1)
      json (>= 1.4.6)
      macaddr (>= 1.0.0)
      mongrel (= 1.2.0.pre2)
      net-ssh (>= 2.0.23)
      sequel (>= 3.16.0)
      sinatra (= 1.0.0)
      sqlite3-ruby (= 1.2.5)

GEM
  remote: http://rubygems.org/
  specs:
    acts_as_rails3_generator (0.0.1)
    builder (2.1.2)
    crack (0.1.8)
    cucumber (0.9.4)
      builder (~> 2.1.2)
      diff-lcs (~> 1.1.2)
      gherkin (~> 2.2.9)
      json (~> 1.4.6)
      term-ansicolor (~> 1.0.5)
    daemons (1.0.10)
    diff-lcs (1.1.2)
    flexmock (0.8.11)
    gem_plugin (0.2.3)
    gherkin (2.2.9)
      json (~> 1.4.6)
      term-ansicolor (~> 1.0.5)
    httparty (0.6.1)
      crack (= 0.1.8)
    json (1.4.6)
    macaddr (1.0.0)
    mongrel (1.2.0.pre2)
      daemons (~> 1.0.10)
      gem_plugin (~> 0.2.3)
    net-ssh (2.0.23)
    rack (1.2.1)
    rack-test (0.5.6)
      rack (>= 1.0)
    rake (0.8.7)
    rvm (1.1.0)
    sequel (3.17.0)
    shoulda (2.11.3)
    sinatra (1.0)
      rack (>= 1.0)
    sqlite3-ruby (1.2.5)
    term-ansicolor (1.0.5)

PLATFORMS
  ruby

DEPENDENCIES
  acts_as_rails3_generator
  cucumber
  flexmock
  httparty (>= 0.6.1)
  json (>= 1.4.6)
  macaddr (>= 1.0.0)
  mongrel (= 1.2.0.pre2)
  net-ssh (>= 2.0.23)
  rack-test
  rake
  rvm
  sequel (>= 3.16.0)
  shoulda
  sinatra (= 1.0.0)
  sqlite3-ruby (= 1.2.5)
  testbot!
