PATH
  remote: .
  specs:
    testbot (0.5.5.crowdtap)
      acts_as_rails3_generator
      daemons (>= 1.0.10)
      httparty (>= 0.6.1)
      json_pure (>= 1.4.6)
      macaddr (>= 1.0.0)
      net-ssh (>= 2.0.23)
      sinatra (= 1.0.0)

GEM
  remote: http://rubygems.org/
  specs:
    acts_as_rails3_generator (0.0.1)
    builder (3.0.0)
    cucumber (1.1.0)
      builder (>= 2.1.2)
      diff-lcs (>= 1.1.2)
      gherkin (~> 2.5.0)
      json (>= 1.4.6)
      term-ansicolor (>= 1.0.6)
    daemons (1.1.4)
    diff-lcs (1.1.3)
    flexmock (0.9.0)
    gherkin (2.5.2)
      json (>= 1.4.6)
    httparty (0.8.1)
      multi_json
      multi_xml
    json (1.6.1)
    json_pure (1.6.1)
    macaddr (1.4.0)
      systemu (~> 2.2.0)
    multi_json (1.0.3)
    multi_xml (0.4.1)
    net-ssh (2.2.1)
    rack (1.3.4)
    rack-test (0.6.1)
      rack (>= 1.0)
    rake (0.9.2)
    rvm (1.8.6)
    shoulda (2.11.3)
    sinatra (1.0)
      rack (>= 1.0)
    systemu (2.2.0)
    term-ansicolor (1.0.7)

PLATFORMS
  ruby

DEPENDENCIES
  bundler
  cucumber
  flexmock
  rack-test
  rake
  rvm
  shoulda
  testbot!
